PATH
  remote: .
  specs:
    yap-rawline (0.1.0)
      highline (~> 1.7, >= 1.7.2)
      terminal-layout (~> 0.1.0)

GEM
  remote: https://rubygems.org/
  specs:
    diff-lcs (1.2.5)
    highline (1.7.8)
    rspec (3.3.0)
      rspec-core (~> 3.3.0)
      rspec-expectations (~> 3.3.0)
      rspec-mocks (~> 3.3.0)
    rspec-core (3.3.1)
      rspec-support (~> 3.3.0)
    rspec-expectations (3.3.0)
      diff-lcs (>= 1.2.0, < 2.0)
      rspec-support (~> 3.3.0)
    rspec-mocks (3.3.1)
      diff-lcs (>= 1.2.0, < 2.0)
      rspec-support (~> 3.3.0)
    rspec-support (3.3.0)
    ruby-terminfo (0.1.1)
    ruby-termios (0.9.6)
    terminal-layout (0.1.0)
      highline
      ruby-terminfo (~> 0.1.1)
      ruby-termios (~> 0.9.6)

PLATFORMS
  ruby

DEPENDENCIES
  rspec (~> 3.0)
  yap-rawline!

BUNDLED WITH
   1.10.6
