PATH
  remote: .
  specs:
    yap-rawline (0.1.1)
      highline (~> 1.7, >= 1.7.2)
      term-ansicolor (~> 1.3.0)
      terminal-layout (~> 0.1.0)

GEM
  remote: https://rubygems.org/
  specs:
    coderay (1.1.1)
    diff-lcs (1.2.5)
    highline (1.7.8)
    method_source (0.8.2)
    pry (0.10.3)
      coderay (~> 1.1.0)
      method_source (~> 0.8.1)
      slop (~> 3.4)
    rspec (3.3.0)
      rspec-core (~> 3.3.0)
      rspec-expectations (~> 3.3.0)
      rspec-mocks (~> 3.3.0)
    rspec-core (3.3.1)
      rspec-support (~> 3.3.0)
    rspec-expectations (3.3.0)
      diff-lcs (>= 1.2.0, < 2.0)
      rspec-support (~> 3.3.0)
    rspec-mocks (3.3.1)
      diff-lcs (>= 1.2.0, < 2.0)
      rspec-support (~> 3.3.0)
    rspec-support (3.3.0)
    ruby-terminfo (0.1.1)
    ruby-termios (0.9.6)
    slop (3.6.0)
    term-ansicolor (1.3.2)
      tins (~> 1.0)
    terminal-layout (0.1.1)
      highline
      ruby-terminfo (~> 0.1.1)
      ruby-termios (~> 0.9.6)
    tins (1.7.0)

PLATFORMS
  ruby

DEPENDENCIES
  pry
  rspec (~> 3.0)
  yap-rawline!

BUNDLED WITH
   1.11.2
